GEM
  remote: http://rubygems.org/
  specs:
    metaclass (0.0.1)
    minitest (2.11.4)
    mocha (0.11.3)
      metaclass (~> 0.0.1)
    polyglot (0.3.3)
    rake (12.3.3)
    treetop (1.4.10)
      polyglot
      polyglot (>= 0.3.1)

PLATFORMS
  ruby

DEPENDENCIES
  minitest
  mocha (= 0.11.3)
  rake
  treetop
